GEM
  remote: https://rubygems.org/
  specs:
    rack (2.2.3)

PLATFORMS
  x64-mingw32

DEPENDENCIES
  rack

RUBY VERSION
   ruby 2.4.2p198

BUNDLED WITH
   2.2.17
